PATH
  remote: .
  specs:
    assisted_workflow (0.2.1)
      hashie (~> 2.0.5)
      jiralicious (~> 0.4.0)
      octokit (~> 2.0)
      pivotal-tracker (~> 0.5.12)
      thor (~> 0.18.1)

GEM
  remote: https://rubygems.org/
  specs:
    addressable (2.3.5)
    builder (3.2.2)
    crack (0.1.8)
    fakefs (0.5.0)
    faraday (0.9.0)
      multipart-post (>= 1.2, < 3)
    happymapper (0.4.1)
      libxml-ruby (~> 2.0)
    hashie (2.0.5)
    httparty (0.11.0)
      multi_json (~> 1.0)
      multi_xml (>= 0.5.2)
    jiralicious (0.4.0)
      crack (~> 0.1.8)
      hashie (>= 1.1)
      httparty (>= 0.10, < 0.12.0)
      json (>= 1.6, < 1.9.0)
    json (1.8.1)
    libxml-ruby (2.7.0)
    mime-types (2.1)
    mini_portile (0.5.2)
    multi_json (1.8.4)
    multi_xml (0.5.5)
    multipart-post (2.0.0)
    nokogiri (1.6.1)
      mini_portile (~> 0.5.0)
    nokogiri-happymapper (0.5.8)
      nokogiri (~> 1.5)
    octokit (2.7.1)
      sawyer (~> 0.5.2)
    pivotal-tracker (0.5.12)
      builder
      builder
      crack
      happymapper (>= 0.3.2)
      nokogiri (>= 1.4.3)
      nokogiri (>= 1.5.5)
      nokogiri-happymapper (>= 0.5.4)
      rest-client (~> 1.6.0)
      rest-client (~> 1.6.0)
    rake (10.1.1)
    rest-client (1.6.7)
      mime-types (>= 1.16)
    rr (1.1.2)
    sawyer (0.5.3)
      addressable (~> 2.3.5)
      faraday (~> 0.8, < 0.10)
    thor (0.18.1)

PLATFORMS
  ruby

DEPENDENCIES
  assisted_workflow!
  fakefs
  rake
  rr
