PATH
  remote: .
  specs:
    aka (0.0.1)
      thor

GEM
  remote: https://rubygems.org/
  specs:
    thor (0.18.1)

PLATFORMS
  ruby

DEPENDENCIES
  aka!
