PATH
  remote: .
  specs:
    assisted_workflow (0.1.2)
      hashie (~> 2.0.5)
      octokit (~> 2.0)
      pivotal-tracker (~> 0.5.12)
      thor (~> 0.18.1)

GEM
  remote: https://rubygems.org/
  specs:
    addressable (2.3.5)
    builder (3.2.2)
    crack (0.4.1)
      safe_yaml (~> 0.9.0)
    fakefs (0.5.0)
    faraday (0.8.8)
      multipart-post (~> 1.2.0)
    happymapper (0.4.1)
      libxml-ruby (~> 2.0)
    hashie (2.0.5)
    libxml-ruby (2.7.0)
    mime-types (2.0)
    mini_portile (0.5.2)
    multipart-post (1.2.0)
    nokogiri (1.6.1)
      mini_portile (~> 0.5.0)
    nokogiri-happymapper (0.5.8)
      nokogiri (~> 1.5)
    octokit (2.7.0)
      sawyer (~> 0.5.2)
    pivotal-tracker (0.5.12)
      builder
      builder
      crack
      happymapper (>= 0.3.2)
      nokogiri (>= 1.4.3)
      nokogiri (>= 1.5.5)
      nokogiri-happymapper (>= 0.5.4)
      rest-client (~> 1.6.0)
      rest-client (~> 1.6.0)
    rest-client (1.6.7)
      mime-types (>= 1.16)
    rr (1.1.2)
    safe_yaml (0.9.7)
    sawyer (0.5.2)
      addressable (~> 2.3.5)
      faraday (~> 0.8, < 0.10)
    thor (0.18.1)

PLATFORMS
  ruby

DEPENDENCIES
  assisted_workflow!
  fakefs
  rr
